GEM
  remote: http://rubygems.org/
  specs:
    aws-sdk (1.8.0)
      httparty (~> 0.7)
      json (~> 1.4)
      nokogiri (>= 1.4.4)
      uuidtools (~> 2.1)
    bourbon (3.0.1)
      sass (>= 3.2.0)
      thor
    classifier (1.3.3)
      fast-stemmer (>= 1.0.0)
    colorator (0.1)
    colored (1.2)
    commander (4.1.3)
      highline (~> 1.6.11)
    configure-s3-website (1.1.1)
    directory_watcher (1.4.1)
    erubis (2.7.0)
    exifr (1.1.3)
    fast-stemmer (1.0.2)
    filey-diff (1.0.2)
    highline (1.6.18)
    httparty (0.9.0)
      multi_json (~> 1.0)
      multi_xml
    jekyll (1.0.0)
      classifier (~> 1.3)
      colorator (~> 0.1)
      commander (~> 4.1.3)
      directory_watcher (~> 1.4.1)
      kramdown (~> 0.14)
      liquid (~> 2.3)
      maruku (~> 0.5)
      pygments.rb (~> 0.4.2)
      safe_yaml (~> 0.7.0)
    jekyll-s3 (2.3.0)
      aws-sdk (~> 1.8.0)
      configure-s3-website (~> 1.1)
      erubis (~> 2.7.0)
      filey-diff (~> 1.0)
      mime-types (= 1.19)
      simple-cloudfront-invalidator (~> 1.0)
    jekyll-sass (1.1.0)
      jekyll (>= 0.10.0)
      sass (>= 3.0.0)
    json (1.7.6)
    kramdown (0.14.2)
    liquid (2.5.0)
    maruku (0.6.1)
      syntax (>= 1.0.0)
    mime-types (1.19)
    multi_json (1.5.0)
    multi_xml (0.5.1)
    nokogiri (1.5.6)
    posix-spawn (0.3.6)
    pygments.rb (0.4.2)
      posix-spawn (~> 0.3.6)
      yajl-ruby (~> 1.1.0)
    redcarpet (2.1.1)
    rmagick (2.13.1)
    safe_yaml (0.7.1)
    sass (3.2.5)
    simple-cloudfront-invalidator (1.0.0)
      colored (= 1.2)
    syntax (1.0.0)
    thor (0.16.0)
    uuidtools (2.1.3)
    yajl-ruby (1.1.0)

PLATFORMS
  ruby

DEPENDENCIES
  bourbon
  exifr
  jekyll
  jekyll-s3
  jekyll-sass
  redcarpet
  rmagick
